GEM
  remote: https://rubygems.org/
  specs:
    debug (1.6.2)
      irb (>= 1.3.6)
      reline (>= 0.3.1)
    io-console (0.5.11)
    irb (1.4.2)
      reline (>= 0.3.0)
    reline (0.3.1)
      io-console (~> 0.5)

PLATFORMS
  arm64-darwin-21
  x86_64-darwin-21

DEPENDENCIES
  debug

BUNDLED WITH
   2.3.7
