GEM
  remote: https://rubygems.org/
  specs:
    byebug (11.1.3)

PLATFORMS
  arm64-darwin-21
  x86_64-darwin-21

DEPENDENCIES
  byebug

BUNDLED WITH
   2.3.7
